GIT
  remote: https://github.com/karloscarweber/camping
  revision: d3471678e098f57cd93791e2e38770231b4bc089
  branch: camping-3
  specs:
    camping (2.3.650)
      mab (>= 0.0.3)
      rack (>= 1.0)

GEM
  remote: https://rubygems.org/
  specs:
    actionpack (7.0.4)
      actionview (= 7.0.4)
      activesupport (= 7.0.4)
      rack (~> 2.0, >= 2.2.0)
      rack-test (>= 0.6.3)
      rails-dom-testing (~> 2.0)
      rails-html-sanitizer (~> 1.0, >= 1.2.0)
    actionview (7.0.4)
      activesupport (= 7.0.4)
      builder (~> 3.1)
      erubi (~> 1.4)
      rails-dom-testing (~> 2.0)
      rails-html-sanitizer (~> 1.1, >= 1.2.0)
    activemodel (7.0.4)
      activesupport (= 7.0.4)
    activerecord (7.0.4)
      activemodel (= 7.0.4)
      activesupport (= 7.0.4)
    activesupport (7.0.4)
      concurrent-ruby (~> 1.0, >= 1.0.2)
      i18n (>= 1.6, < 2)
      minitest (>= 5.1)
      tzinfo (~> 2.0)
    ansi (1.5.0)
    builder (3.2.4)
    cairn (7.1.1)
      activerecord (>= 4.2.7, < 7.1.0, != 5.2.3.rc1, != 5.2.3)
      railties (>= 4.2.7, < 7.1.0, != 5.2.3.rc1, != 5.2.3)
      rake (>= 10.0)
    concurrent-ruby (1.1.10)
    crass (1.0.6)
    erubi (1.11.0)
    i18n (1.12.0)
      concurrent-ruby (~> 1.0)
    kdl (1.0.3)
      simpleidn (~> 0.2.1)
    loofah (2.19.0)
      crass (~> 1.0.2)
      nokogiri (>= 1.5.9)
    mab (0.0.3)
    method_source (1.0.0)
    minitest (5.16.3)
    minitest-reporters (1.5.0)
      ansi
      builder
      minitest (>= 5.0)
      ruby-progressbar
    nio4r (2.5.8)
    nokogiri (1.13.8-arm64-darwin)
      racc (~> 1.4)
    nokogiri (1.13.8-x86_64-darwin)
      racc (~> 1.4)
    puma (5.6.5)
      nio4r (~> 2.0)
    racc (1.6.0)
    rack (2.2.4)
    rack-test (2.0.2)
      rack (>= 1.3)
    rails-dom-testing (2.0.3)
      activesupport (>= 4.2.0)
      nokogiri (>= 1.6)
    rails-html-sanitizer (1.4.3)
      loofah (~> 2.3)
    railties (7.0.4)
      actionpack (= 7.0.4)
      activesupport (= 7.0.4)
      method_source
      rake (>= 12.2)
      thor (~> 1.0)
      zeitwerk (~> 2.5)
    rake (13.0.6)
    ruby-progressbar (1.11.0)
    simpleidn (0.2.1)
      unf (~> 0.1.4)
    sqlite3 (1.5.2-arm64-darwin)
    sqlite3 (1.5.2-x86_64-darwin)
    thor (1.2.1)
    tilt (2.0.11)
    tzinfo (2.0.5)
      concurrent-ruby (~> 1.0)
    unf (0.1.4)
      unf_ext
    unf_ext (0.0.8.2)
    zeitwerk (2.6.1)

PLATFORMS
  arm64-darwin-21
  x86_64-darwin-20

DEPENDENCIES
  activerecord (~> 7.0.4)
  cairn (~> 7.1.1)
  camping!
  kdl
  minitest (~> 5.0)
  minitest-reporters
  puma
  rack-test
  rake (>= 10.0)
  sqlite3
  tilt

BUNDLED WITH
   2.3.11
